GEM
  remote: https://rubygems.org/
  specs:
    ansi (1.4.3)
    builder (3.2.2)
    hashie (2.0.5)
    json (1.8.1)
    minitest (5.3.1)
    minitest-reporters (1.0.2)
      ansi
      builder
      minitest (>= 5.0)
      powerbar
    powerbar (1.0.11)
      ansi (~> 1.4.0)
      hashie (>= 1.1.0)
    rack (1.5.2)
    rack-test (0.6.2)
      rack (>= 1.0)
    rake (10.1.1)

PLATFORMS
  ruby

DEPENDENCIES
  json
  minitest
  minitest-reporters (>= 0.14.0)
  rack (~> 1.5.2)
  rack-test
  rake (~> 10.1.0)
