GEM
  remote: https://rubygems.org/
  specs:
    ansi (1.4.3)
    builder (3.2.2)
    coderay (1.1.0)
    hashie (2.0.5)
    json (1.8.1)
    method_source (0.8.2)
    minitest (5.0.8)
    minitest-reporters (1.0.0)
      ansi
      builder
      minitest (>= 5.0)
      powerbar
    powerbar (1.0.11)
      ansi (~> 1.4.0)
      hashie (>= 1.1.0)
    pry (0.9.12.4)
      coderay (~> 1.0)
      method_source (~> 0.8)
      slop (~> 3.4)
    rack (1.5.2)
    rack-test (0.6.2)
      rack (>= 1.0)
    rake (10.1.0)
    slop (3.4.7)

PLATFORMS
  ruby

DEPENDENCIES
  json
  minitest
  minitest-reporters (>= 0.14.0)
  pry
  rack
  rack-test
  rake
